GIT
  remote: git://github.com/indirect/rails3-generators.git
  revision: 04804d1af1a5dd60558239985eb0d9f6f2b85c59
  specs:
    rails3-generators (0.17.4)
      railties (>= 3.0.0)

GIT
  remote: git://github.com/thoughtbot/shoulda-matchers.git
  revision: f1baf025d64389d4d1e90262d415c9ad55c5ba1a
  specs:
    shoulda-matchers (1.0.0.beta3)

GEM
  remote: http://rubygems.org/
  specs:
    ZenTest (4.6.1)
    actionmailer (3.2.6)
      actionpack (= 3.2.6)
      mail (~> 2.4.4)
    actionpack (3.2.6)
      activemodel (= 3.2.6)
      activesupport (= 3.2.6)
      builder (~> 3.0.0)
      erubis (~> 2.7.0)
      journey (~> 1.0.1)
      rack (~> 1.4.0)
      rack-cache (~> 1.2)
      rack-test (~> 0.6.1)
      sprockets (~> 2.1.3)
    activemodel (3.2.6)
      activesupport (= 3.2.6)
      builder (~> 3.0.0)
    activerecord (3.2.6)
      activemodel (= 3.2.6)
      activesupport (= 3.2.6)
      arel (~> 3.0.2)
      tzinfo (~> 0.3.29)
    activeresource (3.2.6)
      activemodel (= 3.2.6)
      activesupport (= 3.2.6)
    activesupport (3.2.6)
      i18n (~> 0.6)
      multi_json (~> 1.0)
    addressable (2.2.6)
    arel (3.0.2)
    autotest (4.4.6)
      ZenTest (>= 4.4.1)
    autotest-notification (2.3.3)
      autotest-standalone (~> 4.5)
    autotest-standalone (4.5.5)
    babosa (0.3.5)
    bbenezech-nested_form (0.0.6)
    bcrypt-ruby (3.0.1)
    bootstrap-sass (2.0.3.1)
    builder (3.0.0)
    capybara (1.1.2)
      mime-types (>= 1.16)
      nokogiri (>= 1.3.3)
      rack (>= 1.0.0)
      rack-test (>= 0.5.4)
      selenium-webdriver (~> 2.0)
      xpath (~> 0.1.4)
    capybara-webkit (0.8.0)
      capybara (>= 1.0.0, < 1.2)
      json
    childprocess (0.3.0)
      ffi (~> 1.0.6)
    coffee-rails (3.2.2)
      coffee-script (>= 2.2.0)
      railties (~> 3.2.0)
    coffee-script (2.2.0)
      coffee-script-source
      execjs
    coffee-script-source (1.3.3)
    daemons (1.1.8)
    database_cleaner (0.7.1)
    devise (1.4.3)
      bcrypt-ruby (~> 3.0)
      orm_adapter (~> 0.0.3)
      warden (~> 1.0.3)
    diff-lcs (1.1.3)
    erubis (2.7.0)
    eventmachine (0.12.10)
    evergreen (0.4.1)
      capybara (~> 1.0)
      coffee-script
      json_pure
      launchy
      sinatra (~> 1.1)
    execjs (1.4.0)
      multi_json (~> 1.0)
    factory_girl (2.0.4)
    factory_girl_rails (1.1.0)
      factory_girl (~> 2.0.0)
      railties (>= 3.0.0)
    faraday (0.7.5)
      addressable (~> 2.2.6)
      multipart-post (~> 1.1.3)
      rack (>= 1.1.0, < 2)
    ffi (1.0.11)
    formtastic (2.2.1)
      actionpack (>= 3.0)
    friendly_id (3.2.1.1)
      babosa (~> 0.3.0)
    haml (3.1.6)
    has_scope (0.5.1)
    hike (1.2.1)
    hpricot (0.8.6)
    i18n (0.6.0)
    inherited_resources (1.2.2)
      has_scope (~> 0.5.0)
      responders (~> 0.6.0)
    journey (1.0.3)
    jquery-rails (2.0.2)
      railties (>= 3.2.0, < 5.0)
      thor (~> 0.14)
    jquery-ui-rails (0.2.2)
      jquery-rails
      railties (>= 3.1.0)
    json (1.7.3)
    json_pure (1.6.5)
    kaminari (0.13.0)
      actionpack (>= 3.0.0)
      activesupport (>= 3.0.0)
      railties (>= 3.0.0)
    launchy (2.0.5)
      addressable (~> 2.2.6)
    libv8 (3.3.10.4)
    mail (2.4.4)
      i18n (>= 0.4.0)
      mime-types (~> 1.16)
      treetop (~> 1.4.8)
    mime-types (1.18)
    multi_json (1.3.6)
    multipart-post (1.1.4)
    nokogiri (1.5.0)
    orm_adapter (0.0.5)
    picasa (0.3.1)
      xml-simple
    polyglot (0.3.3)
    rack (1.4.1)
    rack-cache (1.2)
      rack (>= 0.4)
    rack-pjax (0.5.9)
      hpricot (~> 0.8.6)
      rack (~> 1.3)
    rack-ssl (1.3.2)
      rack
    rack-test (0.6.1)
      rack (>= 1.0)
    rails (3.2.6)
      actionmailer (= 3.2.6)
      actionpack (= 3.2.6)
      activerecord (= 3.2.6)
      activeresource (= 3.2.6)
      activesupport (= 3.2.6)
      bundler (~> 1.0)
      railties (= 3.2.6)
    rails_admin (0.0.4)
      bbenezech-nested_form (~> 0.0.6)
      bootstrap-sass (~> 2.0, >= 2.0.3)
      builder (~> 3.0)
      coffee-rails (~> 3.1)
      haml (~> 3.1)
      jquery-rails (>= 1.0.17)
      jquery-ui-rails (~> 0.2.2)
      kaminari (~> 0.12)
      rack-pjax (~> 0.5)
      rails (~> 3.1)
      remotipart (~> 1.0)
      sass-rails (~> 3.1)
    railties (3.2.6)
      actionpack (= 3.2.6)
      activesupport (= 3.2.6)
      rack-ssl (~> 1.3.2)
      rake (>= 0.8.7)
      rdoc (~> 3.4)
      thor (>= 0.14.6, < 2.0)
    rake (0.9.2.2)
    rdoc (3.12)
      json (~> 1.4)
    remotipart (1.0.2)
    responders (0.6.4)
    rspec (2.10.0)
      rspec-core (~> 2.10.0)
      rspec-expectations (~> 2.10.0)
      rspec-mocks (~> 2.10.0)
    rspec-core (2.10.1)
    rspec-expectations (2.10.0)
      diff-lcs (~> 1.1.3)
    rspec-mocks (2.10.1)
    rspec-rails (2.10.1)
      actionpack (>= 3.0)
      activesupport (>= 3.0)
      railties (>= 3.0)
      rspec (~> 2.10.0)
    ruby_parser (2.0.6)
      sexp_processor (~> 3.0)
    rubyzip (0.9.5)
    sass (3.1.19)
    sass-rails (3.2.5)
      railties (~> 3.2.0)
      sass (>= 3.1.10)
      tilt (~> 1.3)
    selenium-webdriver (2.13.0)
      childprocess (>= 0.2.1)
      ffi (~> 1.0.9)
      json_pure
      rubyzip
    sexp_processor (3.0.6)
    simple_oauth (0.1.5)
    simplecov (0.4.2)
      simplecov-html (~> 0.4.4)
    simplecov-html (0.4.5)
    sinatra (1.2.6)
      rack (~> 1.1)
      tilt (>= 1.2.2, < 2.0)
    sprockets (2.1.3)
      hike (~> 1.2)
      rack (~> 1.0)
      tilt (~> 1.1, != 1.3.0)
    sqlite3 (1.3.6)
    sqlite3-ruby (1.3.3)
      sqlite3 (>= 1.3.3)
    therubyracer (0.10.1)
      libv8 (~> 3.3.10)
    thin (1.3.1)
      daemons (>= 1.0.9)
      eventmachine (>= 0.12.6)
      rack (>= 1.0.0)
    thor (0.15.2)
    tilt (1.3.3)
    treetop (1.4.10)
      polyglot
      polyglot (>= 0.3.1)
    twitter (2.0.1)
      activesupport (>= 2.3.9, < 4)
      faraday (~> 0.7)
      multi_json (~> 1.0)
      simple_oauth (~> 0.1)
    tzinfo (0.3.33)
    warden (1.0.5)
      rack (>= 1.0)
    web-app-theme (0.7.0)
    xml-simple (1.1.1)
    xpath (0.1.4)
      nokogiri (~> 1.3)

PLATFORMS
  ruby

DEPENDENCIES
  autotest
  autotest-notification
  capybara (~> 1.1.2)
  capybara-webkit
  database_cleaner (~> 0.7)
  devise (>= 1.4.3)
  evergreen
  execjs
  factory_girl_rails
  formtastic (~> 2.2.1)
  friendly_id (>= 3.2.1)
  hpricot
  inherited_resources (>= 1.2.2)
  jquery-rails
  picasa
  rails (= 3.2.6)
  rails3-generators!
  rails_admin
  rspec (~> 2.10)
  rspec-rails (~> 2.10)
  ruby_parser
  sass
  shoulda-matchers!
  simplecov (>= 0.4.2)
  sqlite3-ruby
  therubyracer
  thin
  twitter
  web-app-theme (>= 0.7.0)
